PATH
  remote: .
  specs:
    Bubble (0.0.2)

GEM
  remote: http://rubygems.org/
  specs:
    diff-lcs (1.1.2)
    mustache (0.99.4)
    rack (1.3.0)
    rack-test (0.6.0)
      rack (>= 1.0)
    rake (0.8.7)
    rdiscount (1.6.8)
    rocco (0.7)
      mustache
      rdiscount
    rspec (2.6.0)
      rspec-core (~> 2.6.0)
      rspec-expectations (~> 2.6.0)
      rspec-mocks (~> 2.6.0)
    rspec-core (2.6.3)
    rspec-expectations (2.6.0)
      diff-lcs (~> 1.1.2)
    rspec-mocks (2.6.0)
    sinatra (1.3.0.d)
      rack (~> 1.2)
      tilt (~> 1.3)
    tilt (1.3)
    yajl-ruby (0.8.2)

PLATFORMS
  ruby

DEPENDENCIES
  Bubble!
  rack-test (~> 0.6.0)
  rake (~> 0.8.7)
  rocco (~> 0.7)
  rspec (~> 2.6.0)
  sinatra (~> 1.3.0.d)
  yajl-ruby (~> 0.8.2)
